GEM
  remote: https://rubygems.org/
  specs:
    os (1.1.0)

PLATFORMS
  ruby

DEPENDENCIES
  os

BUNDLED WITH
   1.17.3
